GEM
  remote: http://rubygems.org/
  specs:
    activemodel (7.0.4.1)
      activesupport (= 7.0.4.1)
    activerecord (7.0.4.1)
      activemodel (= 7.0.4.1)
      activesupport (= 7.0.4.1)
    activesupport (7.0.4.1)
      concurrent-ruby (~> 1.0, >= 1.0.2)
      i18n (>= 1.6, < 2)
      minitest (>= 5.1)
      tzinfo (~> 2.0)
    builder (3.2.4)
    camping (2.1)
      rack (>= 1.0)
    concurrent-ruby (1.1.10)
    dnsbl-client (0.3.1)
    i18n (1.12.0)
      concurrent-ruby (~> 1.0)
    kgio (2.6.0)
    markaby (0.7.1)
      builder (>= 2.0.0)
    minitest (5.17.0)
    mysql (2.8.1)
    nokogiri (1.4.3.1)
    rack (1.3.1)
    raindrops (0.7.0)
    sqlite3 (1.3.3)
    tzinfo (2.0.5)
      concurrent-ruby (~> 1.0)
    unicorn (4.0.1)
      kgio (~> 2.4)
      rack
      raindrops (~> 0.6)

PLATFORMS
  ruby

DEPENDENCIES
  activerecord (= 7.0.4.1)
  activesupport (= 7.0.4.1)
  camping (= 2.1)
  dnsbl-client
  markaby (= 0.7.1)
  mysql
  nokogiri (= 1.4.3.1)
  sqlite3
  unicorn
