GEM
  remote: http://rubygems.org/
  specs:
    activemodel (3.0.1)
      activesupport (= 3.0.1)
      builder (~> 2.1.2)
      i18n (~> 0.4.1)
    activerecord (3.0.1)
      activemodel (= 3.0.1)
      activesupport (= 3.0.1)
      arel (~> 1.0.0)
      tzinfo (~> 0.3.23)
    activesupport (3.0.1)
    arel (1.0.1)
      activesupport (~> 3.0.0)
    builder (2.1.2)
    camping (2.1)
      rack (>= 1.0)
    i18n (0.4.2)
    kgio (2.5.0)
    markaby (0.7.1)
      builder (>= 2.0.0)
    mysql (2.8.1)
    nokogiri (1.4.3.1)
    rack (1.3.0)
    raindrops (0.7.0)
    sqlite3 (1.3.3)
    tzinfo (0.3.29)
    unicorn (4.0.1)
      kgio (~> 2.4)
      rack
      raindrops (~> 0.6)

PLATFORMS
  ruby

DEPENDENCIES
  activerecord (= 3.0.1)
  activesupport (= 3.0.1)
  camping (= 2.1)
  markaby (= 0.7.1)
  mysql
  nokogiri (= 1.4.3.1)
  sqlite3
  unicorn
