GEM
  remote: http://rubygems.org/
  specs:
    activerecord (3.2.14)
    activesupport (3.0.1)
    builder (3.2.4)
    camping (2.1)
      rack (>= 1.0)
    dnsbl-client (0.3.1)
    kgio (2.6.0)
    markaby (0.7.1)
      builder (>= 2.0.0)
    mysql (2.8.1)
    nokogiri (1.4.3.1)
    rack (1.3.1)
    raindrops (0.7.0)
    sqlite3 (1.3.3)
    unicorn (4.0.1)
      kgio (~> 2.4)
      rack
      raindrops (~> 0.6)

PLATFORMS
  ruby

DEPENDENCIES
  activerecord (= 3.2.14)
  activesupport (= 3.0.1)
  camping (= 2.1)
  dnsbl-client
  markaby (= 0.7.1)
  mysql
  nokogiri (= 1.4.3.1)
  sqlite3
  unicorn
